GEM
  remote: https://rubygems.org/
  specs:
    ffi (1.10.0)
    mini_portile2 (2.4.0)
    nokogiri (1.10.1)
      mini_portile2 (~> 2.4.0)
    pg (1.1.4)

PLATFORMS
  ruby

DEPENDENCIES
  ffi
  nokogiri
  pg

BUNDLED WITH
   1.17.2
